GIT
  remote: https://github.com/ngmoco/bootloader
  revision: efacb1e1c41bfd546413338a9c9dfe0956188aed
  specs:
    bootloader (1.0)
      activesupport
      bundler
      configurability
      syslog-logger (~> 1.6.8)

GIT
  remote: https://github.com/sonots/mina
  revision: e45043f6e0a2a38d63ba446b1c9e91befc345614
  branch: master
  specs:
    mina (0.2.1)
      open4
      rake

GEM
  remote: https://rubygems.org/
  specs:
    activemodel (3.2.13)
      activesupport (= 3.2.13)
      builder (~> 3.0.0)
    activesupport (3.2.13)
      i18n (= 0.6.1)
      multi_json (~> 1.0)
    backports (3.3.0)
    builder (3.0.4)
    capybara (2.1.0)
      mime-types (>= 1.16)
      nokogiri (>= 1.3.3)
      rack (>= 1.0.0)
      rack-test (>= 0.5.4)
      xpath (~> 2.0)
    chronic (0.9.1)
    coderay (1.0.9)
    colorize (0.5.8)
    configurability (2.0.0)
      loggability (~> 0.4)
    cool.io (1.1.0)
      iobuffer (>= 1.0.0)
    coveralls (0.6.3)
      colorize
      multi_json (~> 1.3)
      rest-client
      simplecov (>= 0.7)
      thor
    delorean (2.1.0)
      chronic
    diff-lcs (1.2.3)
    dotenv (0.7.0)
    dropkick (0.1.2)
    eventmachine (1.0.3)
    fabrication (2.6.5)
    fluentd (0.10.33)
      cool.io (~> 1.1.0)
      http_parser.rb (~> 0.5.1)
      json (>= 1.4.3)
      msgpack (>= 0.4.4, < 0.6.0, != 0.5.3, != 0.5.2, != 0.5.1, != 0.5.0)
      yajl-ruby (~> 1.0)
    foreman (0.63.0)
      dotenv (>= 0.7)
      thor (>= 0.13.6)
    formatador (0.2.4)
    growthforecast-client (0.0.4)
      httpclient
      thor
    guard (1.7.0)
      formatador (>= 0.2.4)
      listen (>= 0.6.0)
      lumberjack (>= 1.0.2)
      pry (>= 0.9.10)
      thor (>= 0.14.6)
    guard-rspec (2.5.3)
      guard (>= 1.1)
      rspec (~> 2.11)
    http_parser.rb (0.5.3)
    httpclient (2.3.3)
    i18n (0.6.1)
    iobuffer (1.1.2)
    json (1.7.7)
    kgio (2.8.0)
    listen (0.7.3)
    loggability (0.6.0)
    lumberjack (1.0.3)
    metaclass (0.0.1)
    method_source (0.8.1)
    mime-types (1.22)
    mocha (0.13.3)
      metaclass (~> 0.0.1)
    mongoid (3.1.2)
      activemodel (~> 3.2)
      moped (~> 1.4.2)
      origin (~> 1.0)
      tzinfo (~> 0.3.22)
    moped (1.4.5)
    msgpack (0.5.4)
    multi_json (1.7.2)
    nokogiri (1.5.9)
    open4 (1.3.0)
    origin (1.0.11)
    parallel (0.6.4)
    pry (0.9.12)
      coderay (~> 1.0.5)
      method_source (~> 0.8)
      slop (~> 3.4)
    pry-nav (0.2.3)
      pry (~> 0.9.10)
    rack (1.5.2)
    rack-protection (1.5.0)
      rack
    rack-test (0.6.2)
      rack (>= 1.0)
    raindrops (0.10.0)
    rake (10.0.4)
    rb-fsevent (0.9.3)
    rest-client (1.6.7)
      mime-types (>= 1.16)
    rspec (2.13.0)
      rspec-core (~> 2.13.0)
      rspec-expectations (~> 2.13.0)
      rspec-mocks (~> 2.13.0)
    rspec-core (2.13.1)
    rspec-expectations (2.13.0)
      diff-lcs (>= 1.1.3, < 2.0)
    rspec-mocks (2.13.1)
    simplecov (0.7.1)
      multi_json (~> 1.0)
      simplecov-html (~> 0.7.1)
    simplecov-html (0.7.1)
    sinatra (1.4.2)
      rack (~> 1.5, >= 1.5.2)
      rack-protection (~> 1.4)
      tilt (~> 1.3, >= 1.3.4)
    sinatra-contrib (1.4.0)
      backports (>= 2.0)
      eventmachine
      rack-protection
      rack-test
      sinatra (~> 1.4.2)
      tilt (~> 1.3)
    slop (3.4.4)
    syslog-logger (1.6.8)
    thor (0.18.1)
    tilt (1.3.7)
    tzinfo (0.3.37)
    unicorn (4.6.2)
      kgio (~> 2.6)
      rack
      raindrops (~> 0.7)
    xpath (2.0.0)
      nokogiri (~> 1.3)
    yajl-ruby (1.1.0)

PLATFORMS
  ruby

DEPENDENCIES
  activesupport
  bootloader!
  capybara
  coveralls
  delorean
  dropkick
  fabrication
  fluentd
  foreman
  growthforecast-client
  guard
  guard-rspec
  mina!
  mocha
  mongoid (~> 3.0)
  parallel
  pry
  pry-nav
  rake
  rb-fsevent
  rspec
  sinatra
  sinatra-contrib
  tilt
  unicorn
