GEM
  remote: https://rubygems.org/
  specs:
    cool.io (1.1.0)
      iobuffer (>= 1.0.0)
    fluent-plugin-config-expander (0.1.2)
      fluentd
    fluent-plugin-keep-forward (0.0.2)
      fluentd
    fluent-plugin-tail-asis (0.0.3)
      fluentd
    fluentd (0.10.33)
      cool.io (~> 1.1.0)
      http_parser.rb (~> 0.5.1)
      json (>= 1.4.3)
      msgpack (>= 0.4.4, < 0.6.0, != 0.5.3, != 0.5.2, != 0.5.1, != 0.5.0)
      yajl-ruby (~> 1.0)
    http_parser.rb (0.5.3)
    iobuffer (1.1.2)
    json (1.7.7)
    msgpack (0.5.4)
    yajl-ruby (1.1.0)

PLATFORMS
  ruby

DEPENDENCIES
  fluent-plugin-config-expander
  fluent-plugin-keep-forward
  fluent-plugin-tail-asis
